GENERATE-LOAD-SCRIPTS: ON
STORAGE: NONE
RESTRICTION: || (== net5.0) (== net6.0) (== netstandard2.0) (== netstandard2.1)
NUGET
  remote: https://api.nuget.org/v3/index.json
    FSharp.Core (7.0) - restriction: || (&& (== net5.0) (>= net6.0)) (== net6.0) (&& (== netstandard2.0) (>= net6.0)) (&& (== netstandard2.1) (>= net6.0))
    Markdig (0.30.2) - restriction: || (&& (== net5.0) (>= net6.0)) (== net6.0) (&& (== netstandard2.0) (>= net6.0)) (&& (== netstandard2.1) (>= net6.0))
    Nfdi4Plants.Fornax (0.9)
      FSharp.Core (>= 6.0.7) - restriction: || (&& (== net5.0) (>= net6.0)) (== net6.0) (&& (== netstandard2.0) (>= net6.0)) (&& (== netstandard2.1) (>= net6.0))
      Markdig (>= 0.30.2) - restriction: || (&& (== net5.0) (>= net6.0)) (== net6.0) (&& (== netstandard2.0) (>= net6.0)) (&& (== netstandard2.1) (>= net6.0))
